PATH
  remote: .
  specs:
    quiq (0.1.0)
      async-redis (~> 0.4)

GEM
  remote: https://rubygems.org/
  specs:
    async (1.24.1)
      console (~> 1.0)
      nio4r (~> 2.3)
      timers (~> 4.1)
    async-io (1.27.1)
      async (~> 1.14)
    async-redis (0.4.1)
      async (~> 1.8)
      async-io (~> 1.10)
      protocol-redis (~> 0.2.0)
    console (1.7.2)
    diff-lcs (1.3)
    nio4r (2.5.2)
    protocol-redis (0.2.0)
    rake (12.3.3)
    rspec (3.9.0)
      rspec-core (~> 3.9.0)
      rspec-expectations (~> 3.9.0)
      rspec-mocks (~> 3.9.0)
    rspec-core (3.9.1)
      rspec-support (~> 3.9.1)
    rspec-expectations (3.9.0)
      diff-lcs (>= 1.2.0, < 2.0)
      rspec-support (~> 3.9.0)
    rspec-mocks (3.9.1)
      diff-lcs (>= 1.2.0, < 2.0)
      rspec-support (~> 3.9.0)
    rspec-support (3.9.2)
    timers (4.3.0)

PLATFORMS
  ruby

DEPENDENCIES
  quiq!
  rake (~> 12.0)
  rspec (~> 3.0)

BUNDLED WITH
   2.1.2
